GEM
  remote: http://rubygems.org/
  specs:
    appium_console (1.0.3)
      appium_lib (>= 1.0.0)
      bond (~> 0.5.0)
      pry (~> 0.9.12.5)
      spec (>= 5.3.3)
    appium_lib (5.0.1)
      awesome_print (~> 1.6, >= 1.6.0)
      json (~> 1.8, >= 1.8.1)
      nokogiri (~> 1.6.3.1)
      selenium-webdriver (~> 2.41, >= 2.41.0)
      toml (~> 0.0, >= 0.0.4)
    awesome_print (1.6.1)
    blankslate (2.1.2.4)
    bond (0.5.1)
    childprocess (0.5.5)
      ffi (~> 1.0, >= 1.0.11)
    chronic_duration (0.10.6)
      numerizer (~> 0.1.1)
    coderay (1.1.0)
    diff-lcs (1.2.5)
    ffi (1.9.8)
    httparty (0.13.3)
      json (~> 1.8)
      multi_xml (>= 0.5.2)
    json (1.8.2)
    method_source (0.8.2)
    mini_portile (0.6.0)
    multi_json (1.11.0)
    multi_xml (0.5.5)
    nokogiri (1.6.3.1)
      mini_portile (= 0.6.0)
    numerizer (0.1.1)
    parslet (1.5.0)
      blankslate (~> 2.0)
    pry (0.9.12.6)
      coderay (~> 1.0)
      method_source (~> 0.8)
      slop (~> 3.4)
    rspec (3.1.0)
      rspec-core (~> 3.1.0)
      rspec-expectations (~> 3.1.0)
      rspec-mocks (~> 3.1.0)
    rspec-core (3.1.7)
      rspec-support (~> 3.1.0)
    rspec-expectations (3.1.2)
      diff-lcs (>= 1.2.0, < 2.0)
      rspec-support (~> 3.1.0)
    rspec-mocks (3.1.3)
      rspec-support (~> 3.1.0)
    rspec-support (3.1.2)
    rubyzip (1.1.7)
    selenium-webdriver (2.45.0)
      childprocess (~> 0.5)
      multi_json (~> 1.0)
      rubyzip (~> 1.0)
      websocket (~> 1.0)
    slop (3.6.0)
    spec (5.3.4)
      chronic_duration (~> 0.10.2)
    toml (0.1.2)
      parslet (~> 1.5.0)
    websocket (1.2.1)

PLATFORMS
  ruby

DEPENDENCIES
  appium_console
  appium_lib (= 5.0.1)
  httparty
  json
  multi_xml
  rspec (= 3.1.0)
  rspec-expectations (= 3.1.2)
  selenium-webdriver
  spec (= 5.3.4)
